GEM
  remote: https://rubygems.org/
  specs:
    actionmailer (3.2.15)
      actionpack (= 3.2.15)
      mail (~> 2.5.4)
    actionpack (3.2.15)
      activemodel (= 3.2.15)
      activesupport (= 3.2.15)
      builder (~> 3.0.0)
      erubis (~> 2.7.0)
      journey (~> 1.0.4)
      rack (~> 1.4.5)
      rack-cache (~> 1.2)
      rack-test (~> 0.6.1)
      sprockets (~> 2.2.1)
    activemodel (3.2.15)
      activesupport (= 3.2.15)
      builder (~> 3.0.0)
    activerecord (3.2.15)
      activemodel (= 3.2.15)
      activesupport (= 3.2.15)
      arel (~> 3.0.2)
      tzinfo (~> 0.3.29)
    activeresource (3.2.15)
      activemodel (= 3.2.15)
      activesupport (= 3.2.15)
    activesupport (3.2.15)
      i18n (~> 0.6, >= 0.6.4)
      multi_json (~> 1.0)
    acts_as_list (0.1.9)
    anjlab-bootstrap-rails (2.2.2.1)
      railties (>= 3.0)
      sass (>= 3.2)
    annotate (2.5.0)
      rake
    arel (3.0.2)
    best_in_place (2.0.3)
      jquery-rails
      rails (~> 3.1)
    better_errors (1.0.1)
      coderay (>= 1.0.0)
      erubis (>= 2.6.6)
    binding_of_caller (0.7.2)
      debug_inspector (>= 0.0.1)
    bootstrap-will_paginate (0.0.10)
      will_paginate
    builder (3.0.4)
    callsite (0.0.11)
    capistrano (2.15.5)
      highline
      net-scp (>= 1.0.0)
      net-sftp (>= 2.0.0)
      net-ssh (>= 2.0.14)
      net-ssh-gateway (>= 1.1.0)
    capistrano-maintenance (0.0.4)
      capistrano (>= 2.0.0)
    capybara (2.1.0)
      mime-types (>= 1.16)
      nokogiri (>= 1.3.3)
      rack (>= 1.0.0)
      rack-test (>= 0.5.4)
      xpath (~> 2.0)
    childprocess (0.3.9)
      ffi (~> 1.0, >= 1.0.11)
    chosen-rails (1.0.2)
      coffee-rails (>= 3.2)
      compass-rails (>= 1.1.2)
      railties (>= 3.0)
      sass-rails (>= 3.2)
    chunky_png (1.2.9)
    climate_control (0.0.3)
      activesupport (>= 3.0)
    cocaine (0.5.3)
      climate_control (>= 0.0.3, < 1.0)
    coderay (1.1.0)
    coffee-rails (3.2.2)
      coffee-script (>= 2.2.0)
      railties (~> 3.2.0)
    coffee-script (2.2.0)
      coffee-script-source
      execjs
    coffee-script-source (1.6.3)
    compass (0.12.2)
      chunky_png (~> 1.2)
      fssm (>= 0.2.7)
      sass (~> 3.1)
    compass-rails (1.1.3)
      compass (>= 0.12.2)
    daemons (1.1.9)
    debug_inspector (0.0.2)
    delayed_job (3.0.5)
      activesupport (~> 3.0)
    delayed_job_active_record (4.0.0)
      activerecord (>= 3.0, < 4.1)
      delayed_job (>= 3.0, < 4.1)
    delayed_mailhopper (0.0.7)
      delayed_job
      mailhopper (>= 0.0.1)
    diff-lcs (1.2.4)
    erubis (2.7.0)
    exception_notification (3.0.1)
      actionmailer (>= 3.0.4)
    execjs (2.0.2)
    factory_girl (4.2.0)
      activesupport (>= 3.0.0)
    factory_girl_rails (4.2.1)
      factory_girl (~> 4.2.0)
      railties (>= 3.0.0)
    faker (1.2.0)
      i18n (~> 0.5)
    ffi (1.9.3)
    fssm (0.2.10)
    geocoder (1.1.8)
    gibbon (0.4.6)
      httparty
      multi_json (>= 1.3.4)
    gravatar_image_tag (1.1.3)
    highline (1.6.20)
    hike (1.2.3)
    httparty (0.12.0)
      json (~> 1.8)
      multi_xml (>= 0.5.2)
    i18n (0.6.9)
    journey (1.0.4)
    jquery-rails (2.0.3)
      railties (>= 3.1.0, < 5.0)
      thor (~> 0.14)
    jquery-ui-rails (2.0.2)
      jquery-rails
      railties (>= 3.1.0)
    json (1.8.1)
    kgio (2.8.1)
    le (2.2.1)
    libv8 (3.11.8.17)
    mail (2.5.4)
      mime-types (~> 1.16)
      treetop (~> 1.4.8)
    mailhopper (0.2.0)
      rails (>= 3.1.0)
    meta_request (0.2.8)
      callsite
      rack-contrib
      railties
    mime-types (1.25)
    mini_portile (0.5.2)
    multi_json (1.8.2)
    multi_xml (0.5.5)
    net-scp (1.1.2)
      net-ssh (>= 2.6.5)
    net-sftp (2.1.2)
      net-ssh (>= 2.6.5)
    net-ssh (2.7.0)
    net-ssh-gateway (1.2.0)
      net-ssh (>= 2.6.5)
    newrelic_rpm (3.5.5.38)
    nokogiri (1.6.0)
      mini_portile (~> 0.5.0)
    paperclip (3.5.2)
      activemodel (>= 3.0.0)
      activesupport (>= 3.0.0)
      cocaine (~> 0.5.3)
      mime-types
    pg (0.14.1)
    polyglot (0.3.3)
    powder (0.2.0)
      thor (>= 0.11.5)
    quiet_assets (1.0.2)
      railties (>= 3.1, < 5.0)
    rack (1.4.5)
    rack-cache (1.2)
      rack (>= 0.4)
    rack-contrib (1.1.0)
      rack (>= 0.9.1)
    rack-ssl (1.3.3)
      rack
    rack-test (0.6.2)
      rack (>= 1.0)
    rails (3.2.15)
      actionmailer (= 3.2.15)
      actionpack (= 3.2.15)
      activerecord (= 3.2.15)
      activeresource (= 3.2.15)
      activesupport (= 3.2.15)
      bundler (~> 1.0)
      railties (= 3.2.15)
    rails3-jquery-autocomplete (1.0.11)
      rails (~> 3.0)
    railties (3.2.15)
      actionpack (= 3.2.15)
      activesupport (= 3.2.15)
      rack-ssl (~> 1.3.2)
      rake (>= 0.8.7)
      rdoc (~> 3.4)
      thor (>= 0.14.6, < 2.0)
    raindrops (0.12.0)
    rake (10.1.1)
    rdoc (3.12.2)
      json (~> 1.4)
    ref (1.0.5)
    roo (1.12.2)
      nokogiri
      rubyzip
      spreadsheet (> 0.6.4)
    rspec-core (2.14.7)
    rspec-expectations (2.14.3)
      diff-lcs (>= 1.1.3, < 2.0)
    rspec-mocks (2.14.4)
    rspec-rails (2.14.0)
      actionpack (>= 3.0)
      activesupport (>= 3.0)
      railties (>= 3.0)
      rspec-core (~> 2.14.0)
      rspec-expectations (~> 2.14.0)
      rspec-mocks (~> 2.14.0)
    ruby-ole (1.2.11.7)
    rubyzip (1.0.0)
    rvm-capistrano (1.5.1)
      capistrano (~> 2.15.4)
    sass (3.2.12)
    sass-rails (3.2.6)
      railties (~> 3.2.0)
      sass (>= 3.1.10)
      tilt (~> 1.3)
    selenium-webdriver (2.37.0)
      childprocess (>= 0.2.5)
      multi_json (~> 1.0)
      rubyzip (~> 1.0.0)
      websocket (~> 1.0.4)
    spreadsheet (0.9.1)
      ruby-ole (>= 1.0)
    sprockets (2.2.2)
      hike (~> 1.2)
      multi_json (~> 1.0)
      rack (~> 1.0)
      tilt (~> 1.1, != 1.3.0)
    strip_attributes (1.4.4)
      activemodel (>= 3.0, < 5.0)
    therubyracer (0.11.4)
      libv8 (~> 3.11.8.12)
      ref
    thor (0.18.1)
    tilt (1.4.1)
    to_xls (1.5.2)
      spreadsheet
    treetop (1.4.15)
      polyglot
      polyglot (>= 0.3.1)
    tzinfo (0.3.38)
    uglifier (2.3.0)
      execjs (>= 0.3.0)
      json (>= 1.8.0)
    unicorn (4.6.3)
      kgio (~> 2.6)
      rack
      raindrops (~> 0.7)
    watir-webdriver (0.6.4)
      selenium-webdriver (>= 2.18.0)
    websocket (1.0.7)
    will_paginate (3.0.5)
    xpath (2.0.0)
      nokogiri (~> 1.3)

PLATFORMS
  ruby

DEPENDENCIES
  acts_as_list (~> 0.1.8)
  anjlab-bootstrap-rails (~> 2.2.2.1)
  annotate
  best_in_place (~> 2.0.3)
  better_errors
  binding_of_caller
  bootstrap-will_paginate (~> 0.0.7)
  capistrano
  capistrano-maintenance (~> 0.0.2)
  capybara (~> 2.1.0)
  chosen-rails (~> 1.0.2)
  coffee-rails (~> 3.2.1)
  daemons (~> 1.1.8)
  delayed_job (~> 3.0.3)
  delayed_job_active_record
  delayed_mailhopper (~> 0.0.7)
  exception_notification (~> 3.0.1)
  factory_girl_rails
  faker
  geocoder (~> 1.1.1)
  gibbon (~> 0.4.3)
  gravatar_image_tag (~> 1.1.2)
  jquery-rails (~> 2.0.3)
  jquery-ui-rails (~> 2.0.2)
  le
  mailhopper (~> 0.2.0)
  meta_request
  newrelic_rpm
  paperclip (~> 3.0)
  pg (~> 0.14.1)
  powder
  quiet_assets
  rails (~> 3.2.15)
  rails3-jquery-autocomplete (~> 1.0.7)
  roo
  rspec-rails
  rvm-capistrano
  sass-rails (~> 3.2.3)
  strip_attributes (~> 1.0)
  therubyracer (~> 0.11.3)
  to_xls
  uglifier (>= 1.0.3)
  unicorn (~> 4.6.0)
  watir-webdriver
  will_paginate (~> 3.0.3)
